GEM
  remote: http://rubygems.org/
  specs:
    addressable (2.3.2)
    adsf (1.1.1)
      rack (>= 1.0.0)
    bitly (0.8.0)
      crack (>= 0.1.4)
      httparty (>= 0.7.6)
      oauth2 (>= 0.5.0, < 0.9)
    builder (3.0.0)
    coderay (1.0.7)
    colored (1.2)
    commonjs (0.2.6)
    crack (0.3.1)
    cri (2.3.0)
      colored (>= 1.2)
    faraday (0.8.4)
      multipart-post (~> 1.1)
    faraday_middleware (0.8.8)
      faraday (>= 0.7.4, < 0.9)
    haml (3.1.6)
    hashie (1.2.0)
    httparty (0.8.3)
      multi_json (~> 1.0)
      multi_xml
    httpauth (0.1)
    jwt (0.1.5)
      multi_json (>= 1.0)
    kramdown (0.13.7)
    less (2.2.1)
      commonjs (~> 0.2.6)
    libv8 (3.3.10.4)
    mime-types (1.19)
    multi_json (1.3.6)
    multi_xml (0.5.1)
    multipart-post (1.1.5)
    nanoc (3.4.0)
      cri (~> 2.2)
    nokogiri (1.5.5)
    oauth2 (0.8.0)
      faraday (~> 0.8)
      httpauth (~> 0.1)
      jwt (~> 0.1.4)
      multi_json (~> 1.0)
      rack (~> 1.2)
    octokit (1.9.4)
      addressable (~> 2.2)
      faraday (~> 0.8)
      faraday_middleware (~> 0.8)
      hashie (~> 1.2)
      multi_json (~> 1.3)
    rack (1.4.1)
    therubyracer (0.10.1)
      libv8 (~> 3.3.10)
    yajl-ruby (1.1.0)

PLATFORMS
  ruby

DEPENDENCIES
  adsf
  bitly
  builder
  coderay
  haml
  kramdown
  less
  mime-types
  nanoc
  nokogiri
  octokit
  therubyracer
  yajl-ruby
